{
	"Modality": "MR",
	"MagneticFieldStrength": 3,
	"ImagingFrequency": 123.251,
	"Manufacturer": "Siemens",
	"ManufacturersModelName": "Skyra_fit",
	"InstitutionName": "MPI_CBS",
	"InstitutionalDepartmentName": "Department",
	"InstitutionAddress": "Stephanstrasse_1A_Leipzig_District_DE_04103",
	"DeviceSerialNumber": "170014",
	"StationName": "MRC40635",
	"BodyPartExamined": "BRAIN",
	"PatientPosition": "HFS",
	"ProcedureStepDescription": "MPIL_fMRI-Studies",
	"SoftwareVersions": "syngo_MR_E11",
	"MRAcquisitionType": "3D",
	"SeriesDescription": "t1_mprage_ADNI_32Ch",
	"ProtocolName": "t1_mprage_ADNI_32Ch",
	"ScanningSequence": "GR_IR",
	"SequenceVariant": "SK_SP_MP",
	"ScanOptions": "IR",
	"SequenceName": "_tfl3d1_16ns",
	"ImageType": ["ORIGINAL", "PRIMARY", "M", "NORM", "DIS3D", "DIS2D"],
	"SeriesNumber": 11,
	"AcquisitionTime": "09:49:18.667500",
	"AcquisitionNumber": 1,
	"SliceThickness": 1,
	"SAR": 0.0639146,
	"EchoTime": 0.00298,
	"RepetitionTime": 2.3,
	"InversionTime": 0.9,
	"FlipAngle": 9,
	"PartialFourier": 1,
	"BaseResolution": 256,
	"ShimSetting": [
		7669,
		-14475,
		-15052,
		834,
		278,
		-299,
		295,
		-5	],
	"TxRefAmp": 308.783,
	"PhaseResolution": 1,
	"ReceiveCoilName": "Head_32",
	"ReceiveCoilActiveElements": "HEA;HEP",
	"PulseSequenceDetails": "%SiemensSeq%_tfl",
	"ConsistencyInfo": "N4_VE11C_LATEST_20160120",
	"PercentPhaseFOV": 93.75,
	"PhaseEncodingSteps": 240,
	"AcquisitionMatrixPE": 240,
	"ReconMatrixPE": 240,
	"PixelBandwidth": 240,
	"DwellTime": 8.2e-06,
	"ImageOrientationPatientDICOM": [
		-0.033157,
		0.99945,
		-2.06904e-09,
		-0.0104602,
		-0.000347023,
		-0.999945	],
	"InPlanePhaseEncodingDirectionDICOM": "ROW",
	"ConversionSoftware": "dcm2niix",
	"ConversionSoftwareVersion": "v1.0.20190410  GCC7.4.0"
}
