{
	"Modality": "MR",
	"MagneticFieldStrength": 3,
	"ImagingFrequency": 123.251,
	"Manufacturer": "Siemens",
	"ManufacturersModelName": "Skyra_fit",
	"InstitutionName": "MPI_CBS",
	"InstitutionalDepartmentName": "Department",
	"InstitutionAddress": "Stephanstrasse_1A_Leipzig_District_DE_04103",
	"DeviceSerialNumber": "170014",
	"StationName": "MRC40635",
	"BodyPartExamined": "BRAIN",
	"PatientPosition": "HFS",
	"ProcedureStepDescription": "MPIL_fMRI-Studies",
	"SoftwareVersions": "syngo_MR_E11",
	"MRAcquisitionType": "2D",
	"SeriesDescription": "gre_field_mapping_2iso",
	"ProtocolName": "gre_field_mapping_2iso",
	"ScanningSequence": "GR",
	"SequenceVariant": "SP",
	"SequenceName": "_fm2d2r",
	"ImageType": ["ORIGINAL", "PRIMARY", "P", "ND"],
	"SeriesNumber": 18,
	"AcquisitionTime": "11:28:0.235000",
	"AcquisitionNumber": 1,
	"SliceThickness": 2,
	"SpacingBetweenSlices": 2.26,
	"SAR": 0.163729,
	"EchoNumber": 2,
	"EchoTime": 0.00838,
	"RepetitionTime": 0.71,
	"FlipAngle": 60,
	"PartialFourier": 1,
	"BaseResolution": 102,
	"ShimSetting": [
		7653,
		-14417,
		-15019,
		820,
		148,
		104,
		15,
		-83	],
	"TxRefAmp": 313.559,
	"PhaseResolution": 1,
	"ReceiveCoilName": "Head_32",
	"ReceiveCoilActiveElements": "HEA;HEP",
	"PulseSequenceDetails": "%SiemensSeq%_gre_field_mapping",
	"ConsistencyInfo": "N4_VE11C_LATEST_20160120",
	"PercentPhaseFOV": 100,
	"PhaseEncodingSteps": 102,
	"AcquisitionMatrixPE": 102,
	"ReconMatrixPE": 102,
	"PixelBandwidth": 295,
	"DwellTime": 1.65e-05,
	"PhaseEncodingDirection": "j-",
	"ImageOrientationPatientDICOM": [
		1,
		0,
		0,
		0,
		0.986286,
		-0.165048	],
	"InPlanePhaseEncodingDirectionDICOM": "COL",
	"ConversionSoftware": "dcm2niix",
	"ConversionSoftwareVersion": "v1.0.20190410  GCC7.4.0"
,
"EchoTime1": 0.00592,
"EchoTime2": 0.00838, 
"IntendedFor": ["ses-3/func/sub-112_ses-3_task-object_run-02_bold.nii.gz",
                   "ses-3/func/sub-112_ses-3_task-object_run-03_bold.nii.gz"]
}