{
	"Modality": "MR",
	"MagneticFieldStrength": 3,
	"ImagingFrequency": 123.245,
	"Manufacturer": "Siemens",
	"ManufacturersModelName": "Verio",
	"InstitutionName": "MPI_Leipzig",
	"InstitutionalDepartmentName": "Department",
	"InstitutionAddress": "Liebigstr._16_Leipzig_District_DE_04103",
	"DeviceSerialNumber": "40540",
	"StationName": "MRC40540",
	"PatientPosition": "HFS",
	"ProcedureStepDescription": "MPIL_Studien",
	"SoftwareVersions": "syngo_MR_B17",
	"MRAcquisitionType": "3D",
	"SeriesDescription": "MPRAGE_ADNI_32Ch",
	"ProtocolName": "MPRAGE_ADNI_32Ch",
	"ScanningSequence": "GR_IR",
	"SequenceVariant": "SP_MP",
	"ScanOptions": "IR_WE",
	"SequenceName": "_tfl3d1_ns",
	"ImageType": ["ORIGINAL", "PRIMARY", "M", "NORM", "DIS2D"],
	"SeriesNumber": 3,
	"AcquisitionTime": "13:36:22.820000",
	"AcquisitionNumber": 1,
	"SliceThickness": 1,
	"SAR": 0.0267873,
	"EchoTime": 0.00421,
	"RepetitionTime": 2.3,
	"InversionTime": 0.9,
	"FlipAngle": 9,
	"PartialFourier": 1,
	"BaseResolution": 256,
	"ShimSetting": [
		921,
		14393,
		-7625,
		497,
		308,
		455,
		356,
		-215	],
	"TxRefAmp": 413.081,
	"PhaseResolution": 1,
	"ReceiveCoilName": "32Ch_Head",
	"CoilString": "C:HEA;HEP",
	"PulseSequenceDetails": "%SiemensSeq%_tfl",
	"PercentPhaseFOV": 93.75,
	"PhaseEncodingSteps": 240,
	"AcquisitionMatrixPE": 240,
	"ReconMatrixPE": 240,
	"PixelBandwidth": 238,
	"DwellTime": 8.2e-06,
	"ImageOrientationPatientDICOM": [
		0.0401318,
		0.999194,
		-6.14629e-08,
		0.0453265,
		-0.00182056,
		-0.998971	],
	"InPlanePhaseEncodingDirectionDICOM": "ROW",
	"ConversionSoftware": "dcm2niix",
	"ConversionSoftwareVersion": "v1.0.20190410  GCC7.4.0"
}
