{
	"Modality": "MR",
	"MagneticFieldStrength": 3,
	"ImagingFrequency": 123.251,
	"Manufacturer": "Siemens",
	"ManufacturersModelName": "Skyra_fit",
	"InstitutionName": "MPI_CBS",
	"InstitutionalDepartmentName": "Department",
	"InstitutionAddress": "Stephanstrasse_1A_Leipzig_District_DE_04103",
	"DeviceSerialNumber": "170014",
	"StationName": "MRC40635",
	"BodyPartExamined": "BRAIN",
	"PatientPosition": "HFS",
	"ProcedureStepDescription": "MPIL_fMRI-Studies",
	"SoftwareVersions": "syngo_MR_E11",
	"MRAcquisitionType": "2D",
	"SeriesDescription": "gre_field_mapping_2iso",
	"ProtocolName": "gre_field_mapping_2iso",
	"ScanningSequence": "GR",
	"SequenceVariant": "SP",
	"SequenceName": "_fm2d2r",
	"ImageType": ["ORIGINAL", "PRIMARY", "P", "ND"],
	"SeriesNumber": 8,
	"AcquisitionTime": "11:12:58.372500",
	"AcquisitionNumber": 1,
	"SliceThickness": 2,
	"SpacingBetweenSlices": 2.26,
	"SAR": 0.139852,
	"EchoNumber": 2,
	"EchoTime": 0.00838,
	"RepetitionTime": 0.71,
	"FlipAngle": 60,
	"PartialFourier": 1,
	"BaseResolution": 102,
	"ShimSetting": [
		7668,
		-14334,
		-15179,
		697,
		318,
		276,
		148,
		-34	],
	"TxRefAmp": 304.067,
	"PhaseResolution": 1,
	"ReceiveCoilName": "Head_32",
	"ReceiveCoilActiveElements": "HEA;HEP",
	"PulseSequenceDetails": "%SiemensSeq%_gre_field_mapping",
	"ConsistencyInfo": "N4_VE11C_LATEST_20160120",
	"PercentPhaseFOV": 100,
	"PhaseEncodingSteps": 102,
	"AcquisitionMatrixPE": 102,
	"ReconMatrixPE": 102,
	"PixelBandwidth": 295,
	"DwellTime": 1.65e-05,
	"PhaseEncodingDirection": "j-",
	"ImageOrientationPatientDICOM": [
		0.999965,
		-0.00223421,
		-0.00811112,
		-4.42292e-08,
		0.964093,
		-0.265566	],
	"InPlanePhaseEncodingDirectionDICOM": "COL",
	"ConversionSoftware": "dcm2niix",
	"ConversionSoftwareVersion": "v1.0.20190410  GCC7.4.0",
"IntendedFor": ["ses-3/func/sub-116_ses-3_task-choice_bold.nii.gz",
                   "ses-3/func/sub-116_ses-3_task-object_run-01_bold.nii.gz",
                   "ses-3/func/sub-116_ses-3_task-object_run-02_bold.nii.gz"]
,
"EchoTime1": 0.00592,
"EchoTime2": 0.00838}
