{
	"Modality": "MR",
	"MagneticFieldStrength": 3,
	"ImagingFrequency": 123.212,
	"Manufacturer": "Siemens",
	"ManufacturersModelName": "Verio",
	"InstitutionName": "MPI",
	"InstitutionalDepartmentName": "Department",
	"InstitutionAddress": "Stephanstrasse_1A_Leipzig_District_DE_04103",
	"DeviceSerialNumber": "40635",
	"StationName": "MRC40635",
	"PatientPosition": "HFS",
	"ProcedureStepDescription": "MPIL_VBM-Studies",
	"SoftwareVersions": "syngo_MR_B17",
	"MRAcquisitionType": "3D",
	"SeriesDescription": "t1_MPRAGE_ADNI_32Ch",
	"ProtocolName": "t1_MPRAGE_ADNI_32Ch",
	"ScanningSequence": "GR_IR",
	"SequenceVariant": "SP_MP",
	"ScanOptions": "IR",
	"SequenceName": "_tfl3d1_ns",
	"ImageType": ["ORIGINAL", "PRIMARY", "M", "NORM", "DIS3D", "DIS2D"],
	"SeriesNumber": 5,
	"AcquisitionTime": "10:32:1.457500",
	"AcquisitionNumber": 1,
	"SliceThickness": 1,
	"SAR": 0.0470943,
	"EchoTime": 0.00298,
	"RepetitionTime": 2.3,
	"InversionTime": 0.9,
	"FlipAngle": 9,
	"PartialFourier": 1,
	"BaseResolution": 256,
	"ShimSetting": [
		2108,
		-8381,
		-14957,
		410,
		272,
		-87,
		587,
		127	],
	"TxRefAmp": 389.838,
	"PhaseResolution": 1,
	"ReceiveCoilName": "32Ch_Head",
	"CoilString": "C:HEA;HEP",
	"PulseSequenceDetails": "%SiemensSeq%_tfl",
	"PercentPhaseFOV": 93.75,
	"PhaseEncodingSteps": 240,
	"AcquisitionMatrixPE": 240,
	"ReconMatrixPE": 240,
	"PixelBandwidth": 238,
	"DwellTime": 8.2e-06,
	"ImageOrientationPatientDICOM": [
		0.0593063,
		0.99824,
		0,
		0,
		0,
		-1	],
	"InPlanePhaseEncodingDirectionDICOM": "ROW",
	"ConversionSoftware": "dcm2niix",
	"ConversionSoftwareVersion": "v1.0.20190410  GCC7.4.0"
}
