{
	"Modality": "MR",
	"MagneticFieldStrength": 3,
	"ImagingFrequency": 123.251,
	"Manufacturer": "Siemens",
	"ManufacturersModelName": "Skyra_fit",
	"InstitutionName": "MPI_CBS",
	"InstitutionalDepartmentName": "Department",
	"InstitutionAddress": "Stephanstrasse_1A_Leipzig_District_DE_04103",
	"DeviceSerialNumber": "170014",
	"StationName": "MRC40635",
	"BodyPartExamined": "BRAIN",
	"PatientPosition": "HFS",
	"ProcedureStepDescription": "MPIL_fMRI-Studies",
	"SoftwareVersions": "syngo_MR_E11",
	"MRAcquisitionType": "2D",
	"SeriesDescription": "cmrr_mbep2d_bold_2iso_fkt.",
	"ProtocolName": "cmrr_mbep2d_bold_2iso_fkt.",
	"ScanningSequence": "EP",
	"SequenceVariant": "SK_SS",
	"ScanOptions": "PFP_FS_EXT",
	"SequenceName": "epfid2d1_102",
	"ImageType": ["ORIGINAL", "PRIMARY", "M", "MB", "ND", "NORM", "MOSAIC"],
	"SeriesNumber": 9,
	"AcquisitionTime": "09:17:16.190000",
	"AcquisitionNumber": 1,
	"ImageComments": "Unaliased_MB3_PE3_LB_SENSE1",
	"SliceThickness": 2,
	"SpacingBetweenSlices": 2.26,
	"SAR": 0.106967,
	"EchoTime": 0.0236,
	"RepetitionTime": 2,
	"FlipAngle": 90,
	"PartialFourier": 0.75,
	"BaseResolution": 102,
	"ShimSetting": [
		7657,
		-14461,
		-14926,
		1006,
		290,
		362,
		406,
		50	],
	"TxRefAmp": 296.828,
	"PhaseResolution": 1,
	"ReceiveCoilName": "Head_32",
	"ReceiveCoilActiveElements": "HEA;HEP",
	"PulseSequenceDetails": "%CustomerSeq%_cmrr_mbep2d_bold",
	"WipMemBlock": "a19209b5-2459-414a-83cc-1f99d43acbe8||Sequence: R016 ve11c/master r/e634e98; Dec 19 2017 11:00:25 by eja",
	"ConsistencyInfo": "N4_VE11C_LATEST_20160120",
	"MultibandAccelerationFactor": 3,
	"PercentPhaseFOV": 100,
	"EchoTrainLength": 77,
	"PhaseEncodingSteps": 77,
	"AcquisitionMatrixPE": 102,
	"ReconMatrixPE": 102,
	"BandwidthPerPixelPhaseEncode": 14.854,
	"EffectiveEchoSpacing": 0.000660019,
	"DerivedVendorReportedEchoSpacing": 0.000660019,
	"TotalReadoutTime": 0.0666619,
	"PixelBandwidth": 1815,
	"DwellTime": 2.7e-06,
	"PhaseEncodingDirection": "j-",
	"SliceTiming": [
		0,
		0.89,
		1.78,
		0.6925,
		1.5825,
		0.4925,
		1.385,
		0.295,
		1.1875,
		0.0975,
		0.9875,
		1.88,
		0.79,
		1.6825,
		0.5925,
		1.4825,
		0.395,
		1.285,
		0.1975,
		1.0875,
		0,
		0.89,
		1.78,
		0.6925,
		1.5825,
		0.4925,
		1.385,
		0.295,
		1.1875,
		0.0975,
		0.9875,
		1.88,
		0.79,
		1.6825,
		0.5925,
		1.4825,
		0.395,
		1.285,
		0.1975,
		1.0875,
		0,
		0.89,
		1.78,
		0.6925,
		1.5825,
		0.4925,
		1.385,
		0.295,
		1.1875,
		0.0975,
		0.9875,
		1.88,
		0.79,
		1.6825,
		0.5925,
		1.4825,
		0.395,
		1.285,
		0.1975,
		1.0875	],
	"ImageOrientationPatientDICOM": [
		0.999818,
		-0.00222494,
		-0.0189361,
		4.71352e-08,
		0.993168,
		-0.116692	],
	"InPlanePhaseEncodingDirectionDICOM": "COL",
	"ConversionSoftware": "dcm2niix",
	"ConversionSoftwareVersion": "v1.0.20190410  GCC7.4.0"
,
"TaskName":"object"}
