{
	"Modality": "MR",
	"MagneticFieldStrength": 3,
	"ImagingFrequency": 123.251,
	"Manufacturer": "Siemens",
	"ManufacturersModelName": "Skyra_fit",
	"InstitutionName": "MPI_CBS",
	"InstitutionalDepartmentName": "Department",
	"InstitutionAddress": "Stephanstrasse_1A_Leipzig_District_DE_04103",
	"DeviceSerialNumber": "170014",
	"StationName": "MRC40635",
	"BodyPartExamined": "BRAIN",
	"PatientPosition": "HFS",
	"ProcedureStepDescription": "MPIL_fMRI-Studies",
	"SoftwareVersions": "syngo_MR_E11",
	"MRAcquisitionType": "2D",
	"SeriesDescription": "cmrr_mbep2d_bold_2iso_fkt.",
	"ProtocolName": "cmrr_mbep2d_bold_2iso_fkt.",
	"ScanningSequence": "EP",
	"SequenceVariant": "SK_SS",
	"ScanOptions": "PFP_FS_EXT",
	"SequenceName": "epfid2d1_102",
	"ImageType": ["ORIGINAL", "PRIMARY", "M", "MB", "ND", "NORM", "MOSAIC"],
	"SeriesNumber": 5,
	"AcquisitionTime": "10:32:1.955000",
	"AcquisitionNumber": 1,
	"ImageComments": "Unaliased_MB3_PE3_LB_SENSE1",
	"SliceThickness": 2,
	"SpacingBetweenSlices": 2.26,
	"SAR": 0.133256,
	"EchoTime": 0.0236,
	"RepetitionTime": 2,
	"FlipAngle": 90,
	"PartialFourier": 0.75,
	"BaseResolution": 102,
	"ShimSetting": [
		7638,
		-14351,
		-15027,
		576,
		206,
		90,
		575,
		-58	],
	"TxRefAmp": 307.539,
	"PhaseResolution": 1,
	"ReceiveCoilName": "Head_32",
	"ReceiveCoilActiveElements": "HEA;HEP",
	"PulseSequenceDetails": "%CustomerSeq%_cmrr_mbep2d_bold",
	"WipMemBlock": "1acdc6b7-5933-4ec0-b038-d6cc98292198||Sequence: R016 ve11c/master r/e634e98; Dec 19 2017 11:00:25 by eja",
	"ConsistencyInfo": "N4_VE11C_LATEST_20160120",
	"MultibandAccelerationFactor": 3,
	"PercentPhaseFOV": 100,
	"EchoTrainLength": 77,
	"PhaseEncodingSteps": 77,
	"AcquisitionMatrixPE": 102,
	"ReconMatrixPE": 102,
	"BandwidthPerPixelPhaseEncode": 14.854,
	"EffectiveEchoSpacing": 0.000660019,
	"DerivedVendorReportedEchoSpacing": 0.000660019,
	"TotalReadoutTime": 0.0666619,
	"PixelBandwidth": 1815,
	"DwellTime": 2.7e-06,
	"PhaseEncodingDirection": "j-",
	"SliceTiming": [
		0,
		0.89,
		1.78,
		0.6925,
		1.5825,
		0.495,
		1.385,
		0.2975,
		1.1875,
		0.0975,
		0.99,
		1.88,
		0.7925,
		1.6825,
		0.5925,
		1.485,
		0.395,
		1.2875,
		0.1975,
		1.0875,
		0,
		0.89,
		1.78,
		0.6925,
		1.5825,
		0.495,
		1.385,
		0.2975,
		1.1875,
		0.0975,
		0.99,
		1.88,
		0.7925,
		1.6825,
		0.5925,
		1.485,
		0.395,
		1.2875,
		0.1975,
		1.0875,
		0,
		0.89,
		1.78,
		0.6925,
		1.5825,
		0.495,
		1.385,
		0.2975,
		1.1875,
		0.0975,
		0.99,
		1.88,
		0.7925,
		1.6825,
		0.5925,
		1.485,
		0.395,
		1.2875,
		0.1975,
		1.0875	],
	"ImageOrientationPatientDICOM": [
		1,
		0,
		0,
		0,
		0.971134,
		-0.238533	],
	"InPlanePhaseEncodingDirectionDICOM": "COL",
	"ConversionSoftware": "dcm2niix",
	"ConversionSoftwareVersion": "v1.0.20190410  GCC7.4.0"
,
"TaskName":"object"}
