{
	"Modality": "MR",
	"MagneticFieldStrength": 3,
	"ImagingFrequency": 123.252,
	"Manufacturer": "Siemens",
	"ManufacturersModelName": "ConnectomA",
	"InstitutionName": "MPI",
	"InstitutionalDepartmentName": "Department",
	"InstitutionAddress": "Stephanstr._1a_Leipzig_District_DE_04103",
	"DeviceSerialNumber": "19951",
	"StationName": "MEDPC",
	"BodyPartExamined": "BRAIN",
	"PatientPosition": "HFS",
	"ProcedureStepDescription": "MPIL_Studies",
	"SoftwareVersions": "syngo_MR_D11",
	"MRAcquisitionType": "3D",
	"SeriesDescription": "MPRAGE_ADNI_WE_p2",
	"ProtocolName": "MPRAGE_ADNI_WE_p2",
	"ScanningSequence": "GR_IR",
	"SequenceVariant": "SK_SP_MP",
	"ScanOptions": "IR_WE",
	"SequenceName": "tfl3d1_16ns",
	"ImageType": ["ORIGINAL", "PRIMARY", "M", "NORM", "DIS3D", "DIS2D"],
	"SeriesNumber": 25,
	"AcquisitionTime": "17:44:12.232500",
	"AcquisitionNumber": 1,
	"SliceThickness": 1,
	"SAR": 0.0509568,
	"EchoTime": 0.00291,
	"RepetitionTime": 2.3,
	"InversionTime": 0.9,
	"FlipAngle": 9,
	"PartialFourier": 1,
	"BaseResolution": 256,
	"ShimSetting": [
		1035,
		-1088,
		-200,
		260,
		-350,
		984,
		100,
		121	],
	"TxRefAmp": 314.433,
	"PhaseResolution": 1,
	"ReceiveCoilName": "Head_32",
	"ReceiveCoilActiveElements": "HEA;HEP",
	"PulseSequenceDetails": "%SiemensSeq%_tfl",
	"RefLinesPE": 32,
	"ConsistencyInfo": "N4_VD11D_LATEST_20110129",
	"PercentPhaseFOV": 93.75,
	"PhaseEncodingSteps": 239,
	"AcquisitionMatrixPE": 240,
	"ReconMatrixPE": 240,
	"PixelBandwidth": 240,
	"DwellTime": 8.2e-06,
	"ImageOrientationPatientDICOM": [
		-0.00193945,
		0.990381,
		-0.138355,
		0.00835648,
		-0.138334,
		-0.99035	],
	"InPlanePhaseEncodingDirectionDICOM": "ROW",
	"ConversionSoftware": "dcm2niix",
	"ConversionSoftwareVersion": "v1.0.20190410  GCC7.4.0"
}
